GEM
  remote: https://rubygems.org/
  specs:
    jasmine (2.1.0)
      jasmine-core (~> 2.1.0)
      phantomjs
      rack (>= 1.2.1)
      rake
    jasmine-core (2.1.2)
    phantomjs (1.9.7.1)
    rack (1.5.2)
    rake (10.4.0)

PLATFORMS
  ruby

DEPENDENCIES
  jasmine
